GEM
  remote: https://rubygems.org/
  specs:
    coderay (1.1.3)
    ffi (1.16.3)
    method_source (1.0.0)
    pry (0.14.2)
      coderay (~> 1.1)
      method_source (~> 1.0)
    raylib-bindings (0.7.1-x86_64-linux)
      ffi (~> 1.16)

PLATFORMS
  x86_64-linux

DEPENDENCIES
  pry
  raylib-bindings

BUNDLED WITH
   2.4.6
