GEM
  remote: https://rubygems.org/
  specs:
    coderay (1.1.3)
    connection_pool (2.4.1)
    ffi (1.16.3)
    json (2.7.1)
    method_source (1.0.0)
    nanoid (2.0.0)
    pry (0.14.2)
      coderay (~> 1.1)
      method_source (~> 1.0)
    raylib-bindings (0.7.1-x86_64-linux)
      ffi (~> 1.16)
    redis (5.1.0)
      redis-client (>= 0.17.0)
    redis-client (0.21.0)
      connection_pool

PLATFORMS
  x86_64-linux

DEPENDENCIES
  json
  nanoid
  pry
  raylib-bindings
  redis

BUNDLED WITH
   2.4.6
